GIT
  remote: git://github.com/taavo/LicenseFinder.git
  revision: 1b1676abe69899f3f9d54f14cbdc7bf4c6ed1c27
  specs:
    license_finder (1.1.1)
      bundler
      httparty
      sequel
      sqlite3
      thor
      xml-simple

GEM
  remote: https://rubygems.org/
  specs:
    httparty (0.16.2)
      multi_xml (>= 0.5.2)
    multi_xml (0.6.0)
    sequel (5.8.0)
    sqlite3 (1.3.13)
    thor (0.20.0)
    xml-simple (1.1.5)

PLATFORMS
  ruby

DEPENDENCIES
  license_finder!

BUNDLED WITH
   1.16.2
